GEM
  remote: https://rubygems.org/
  specs:
    action_prompt (0.3.0)
      rails (>= 7.2.1)
    actioncable (8.0.2)
      actionpack (= 8.0.2)
      activesupport (= 8.0.2)
      nio4r (~> 2.0)
      websocket-driver (>= 0.6.1)
      zeitwerk (~> 2.6)
    actionmailbox (8.0.2)
      actionpack (= 8.0.2)
      activejob (= 8.0.2)
      activerecord (= 8.0.2)
      activestorage (= 8.0.2)
      activesupport (= 8.0.2)
      mail (>= 2.8.0)
    actionmailer (8.0.2)
      actionpack (= 8.0.2)
      actionview (= 8.0.2)
      activejob (= 8.0.2)
      activesupport (= 8.0.2)
      mail (>= 2.8.0)
      rails-dom-testing (~> 2.2)
    actionmcp (0.30.0)
      actioncable (>= 8.0.1)
      activerecord (>= 8.0.1)
      jsonrpc-rails
      multi_json
      railties (>= 8.0.1)
      zeitwerk (~> 2.6)
    actionpack (8.0.2)
      actionview (= 8.0.2)
      activesupport (= 8.0.2)
      nokogiri (>= 1.8.5)
      rack (>= 2.2.4)
      rack-session (>= 1.0.1)
      rack-test (>= 0.6.3)
      rails-dom-testing (~> 2.2)
      rails-html-sanitizer (~> 1.6)
      useragent (~> 0.16)
    actiontext (8.0.2)
      actionpack (= 8.0.2)
      activerecord (= 8.0.2)
      activestorage (= 8.0.2)
      activesupport (= 8.0.2)
      globalid (>= 0.6.0)
      nokogiri (>= 1.8.5)
    actionview (8.0.2)
      activesupport (= 8.0.2)
      builder (~> 3.1)
      erubi (~> 1.11)
      rails-dom-testing (~> 2.2)
      rails-html-sanitizer (~> 1.6)
    active_hash (3.3.1)
      activesupport (>= 5.0.0)
    activeagent (0.3)
      actionpack (>= 7.2, < 9.0)
      actionview (>= 7.2, < 9.0)
      activejob (>= 7.2, < 9.0)
      activemodel (>= 7.2, < 9.0)
      activesupport (>= 7.2, < 9.0)
      rails (>= 7.2, < 9.0)
    activejob (8.0.2)
      activesupport (= 8.0.2)
      globalid (>= 0.3.6)
    activemodel (8.0.2)
      activesupport (= 8.0.2)
    activerecord (8.0.2)
      activemodel (= 8.0.2)
      activesupport (= 8.0.2)
      timeout (>= 0.4.0)
    activestorage (8.0.2)
      actionpack (= 8.0.2)
      activejob (= 8.0.2)
      activerecord (= 8.0.2)
      activesupport (= 8.0.2)
      marcel (~> 1.0)
    activesupport (8.0.2)
      base64
      benchmark (>= 0.3)
      bigdecimal
      concurrent-ruby (~> 1.0, >= 1.3.1)
      connection_pool (>= 2.2.5)
      drb
      i18n (>= 1.6, < 2)
      logger (>= 1.4.2)
      minitest (>= 5.1)
      securerandom (>= 0.3)
      tzinfo (~> 2.0, >= 2.0.5)
      uri (>= 0.13.1)
    addressable (2.8.7)
      public_suffix (>= 2.0.2, < 7.0)
    ai-engine (0.0.1)
    ai_client (0.4.5)
      active_hash
      hashie
      omniai
      omniai-anthropic
      omniai-google
      omniai-mistral
      omniai-openai (>= 1.8.3)
      open_router
    aia (0.8.0)
      ai_client
      amazing_print
      os
      prompt_manager (>= 0.4.1)
      reline
      shellwords
      toml-rb
      tty-screen
      tty-spinner
      versionaire
    aicommit (0.0.1)
      git (~> 1.14.0)
    aigcm (0.2.0)
      ai_client (~> 0.4.0)
    amazing_print (1.7.2)
    anthropic (0.3.2)
      event_stream_parser (>= 0.3.0, < 2.0.0)
      faraday (>= 1)
      faraday-multipart (>= 1)
    babosa (2.0.0)
    baran (0.1.12)
    base64 (0.2.0)
    benchmark (0.4.0)
    bigdecimal (3.1.9)
    boxcars (0.6.2)
      anthropic (~> 0.1)
      google_search_results (~> 2.2)
      gpt4all (~> 0.0.4)
      hnswlib (~> 0.8)
      nokogiri (~> 1.16)
      pgvector (~> 0.2)
      ruby-openai (>= 4.2, < 8.0)
    builder (3.3.0)
    citrus (3.0.2)
    clag (0.0.7)
      activesupport
      cli-kit (~> 5)
      cli-ui (~> 2.2.3)
      clipboard (~> 1.3)
      httparty (~> 0.21)
      nokogiri
      pry
      ruby-openai (~> 6)
      sublayer (> 0.0.1)
    cli-kit (5.0.1)
      cli-ui (~> 2.0)
    cli-ui (2.2.3)
    clip-rb (1.1.0)
      logger (~> 1.6)
      mini_magick
      net-http (~> 0.6.0)
      numo-narray (~> 0.9.2)
      onnxruntime (~> 0.9.3)
      tokenizers
      zlib (~> 3.2)
    clipboard (1.4.1)
    coderay (1.1.3)
    cohere-ai (1.1.0)
      faraday (~> 2.9)
      faraday-typhoeus (~> 1.1)
    concurrent-ruby (1.3.5)
    connection_pool (2.5.0)
    crass (1.0.6)
    csv (3.3.3)
    date (3.4.1)
    debug_me (1.1.1)
    diff-lcs (1.6.1)
    domain_name (0.6.20240107)
    dotenv (2.8.1)
    drb (2.2.1)
    dry-configurable (1.3.0)
      dry-core (~> 1.1)
      zeitwerk (~> 2.6)
    dry-core (1.1.0)
      concurrent-ruby (~> 1.0)
      logger
      zeitwerk (~> 2.6)
    dry-inflector (1.2.0)
    dry-initializer (3.2.0)
    dry-logic (1.6.0)
      bigdecimal
      concurrent-ruby (~> 1.0)
      dry-core (~> 1.1)
      zeitwerk (~> 2.6)
    dry-schema (1.14.1)
      concurrent-ruby (~> 1.0)
      dry-configurable (~> 1.0, >= 1.0.1)
      dry-core (~> 1.1)
      dry-initializer (~> 3.2)
      dry-logic (~> 1.5)
      dry-types (~> 1.8)
      zeitwerk (~> 2.6)
    dry-struct (1.6.0)
      dry-core (~> 1.0, < 2)
      dry-types (>= 1.7, < 2)
      ice_nine (~> 0.11)
      zeitwerk (~> 2.6)
    dry-types (1.8.2)
      bigdecimal (~> 3.0)
      concurrent-ruby (~> 1.0)
      dry-core (~> 1.0)
      dry-inflector (~> 1.0)
      dry-logic (~> 1.4)
      zeitwerk (~> 2.6)
    dry-validation (1.10.0)
      concurrent-ruby (~> 1.0)
      dry-core (~> 1.0, < 2)
      dry-initializer (~> 3.0)
      dry-schema (>= 1.12, < 2)
      zeitwerk (~> 2.6)
    dynamicschema (1.0.0.beta04)
    erubi (1.13.1)
    ethon (0.16.0)
      ffi (>= 1.15.0)
    event_stream_parser (1.0.0)
    faiss (0.3.4)
      numo-narray
      rice (>= 4.5)
    faraday (2.12.2)
      faraday-net_http (>= 2.0, < 3.5)
      json
      logger
    faraday-multipart (1.1.0)
      multipart-post (~> 2.0)
    faraday-net_http (3.4.0)
      net-http (>= 0.5.0)
    faraday-retry (2.3.1)
      faraday (~> 2.0)
    faraday-typhoeus (1.1.0)
      faraday (~> 2.0)
      typhoeus (~> 1.4)
    fast-mcp (1.0.0)
      base64
      dry-schema (~> 1.14)
      json (~> 2.0)
      mime-types (~> 3.4)
    ffi (1.17.1-arm64-darwin)
    ffi (1.17.1-x86_64-darwin)
    ffi (1.17.1-x86_64-linux-gnu)
    ffi (1.17.1-x86_64-linux-musl)
    ffi-compiler (1.3.2)
      ffi (>= 1.15.5)
      rake
    fiber-storage (1.0.0)
    gemini-ai (4.2.0)
      event_stream_parser (~> 1.0)
      faraday (~> 2.10)
      faraday-typhoeus (~> 1.1)
      googleauth (~> 1.8)
      typhoeus (~> 1.4, >= 1.4.1)
    gen-ai (0.3.2)
      faraday (~> 2.7)
      faraday-multipart (~> 1.0)
      zeitwerk (~> 2.6)
    git (1.14.0)
      addressable (~> 2.8)
      rchardet (~> 1.8)
    globalid (1.2.1)
      activesupport (>= 6.1)
    google-cloud-env (2.2.2)
      base64 (~> 0.2)
      faraday (>= 1.0, < 3.a)
    google-logging-utils (0.1.0)
    google_search_results (2.2.0)
    googleauth (1.14.0)
      faraday (>= 1.0, < 3.a)
      google-cloud-env (~> 2.2)
      google-logging-utils (~> 0.1)
      jwt (>= 1.4, < 3.0)
      multi_json (~> 1.11)
      os (>= 0.9, < 2.0)
      signet (>= 0.16, < 2.a)
    gpt4all (0.0.5)
      faraday (~> 2.7)
      os (~> 1.1)
      tty-progressbar (~> 0.18.2)
    graphlient (0.8.0)
      faraday (~> 2.0)
      graphql-client
    graphql (2.5.1)
      base64
      fiber-storage
      logger
    graphql-client (0.25.0)
      activesupport (>= 3.0)
      graphql (>= 1.13.0)
    groq (0.3.2)
      activesupport (> 5)
      event_stream_parser (~> 1.0)
      faraday (>= 1.10.0)
      json
    hashie (5.0.0)
    hnswlib (0.9.0)
    http (5.2.0)
      addressable (~> 2.8)
      base64 (~> 0.1)
      http-cookie (~> 1.0)
      http-form_data (~> 2.2)
      llhttp-ffi (~> 0.5.0)
    http-cookie (1.0.8)
      domain_name (~> 0.5)
    http-form_data (2.3.0)
    httparty (0.22.0)
      csv
      mini_mime (>= 1.0.0)
      multi_xml (>= 0.5.2)
    hugging-face (0.3.5)
      faraday (>= 1.0)
    i18n (1.14.7)
      concurrent-ruby (~> 1.0)
    ice_nine (0.11.2)
    ima (0.4.2)
    informers (1.2.1)
      onnxruntime (>= 0.9)
      tokenizers (>= 0.5.3)
    intelligence (0.8.0)
      dynamicschema (~> 1.0.0.beta03)
      faraday (~> 2.7)
      json-repair (~> 0.2)
      mime-types (~> 3.6)
    io-console (0.8.0)
    irb (1.15.2)
      pp (>= 0.6.0)
      rdoc (>= 4.0.0)
      reline (>= 0.4.2)
    json (2.10.2)
    json-repair (0.2.0)
    json-schema (4.3.1)
      addressable (>= 2.8)
    jsonrpc-rails (0.1.1)
      railties (>= 8.0.1)
    jwt (2.10.1)
      base64
    langchainrb (0.16.1)
      baran (~> 0.1.9)
      json-schema (~> 4)
      matrix
      pragmatic_segmenter (~> 0.3.0)
      zeitwerk (~> 2.5)
    langchainrb_rails (0.1.12)
      langchainrb (>= 0.7, < 0.17)
    listen (3.9.0)
      rb-fsevent (~> 0.10, >= 0.10.3)
      rb-inotify (~> 0.9, >= 0.9.10)
    llhttp-ffi (0.5.1)
      ffi-compiler (~> 1.0)
      rake (~> 13.0)
    llm_orchestrator (0.2.0)
      anthropic (~> 0.3.2)
      ruby-openai (~> 6.0)
    logger (1.7.0)
    loofah (2.24.0)
      crass (~> 1.0.2)
      nokogiri (>= 1.12.0)
    mail (2.8.1)
      mini_mime (>= 0.1.1)
      net-imap
      net-pop
      net-smtp
    marcel (1.0.4)
    matrix (0.4.2)
    mcp-rb (0.3.3)
    method_source (1.1.0)
    mime-types (3.6.2)
      logger
      mime-types-data (~> 3.2015)
    mime-types-data (3.2025.0402)
    minds_sdk (1.0.0)
      faraday
      ruby-openai
    mini_magick (5.2.0)
      benchmark
      logger
    mini_mime (1.1.5)
    minitest (5.25.5)
    mistral-ai (1.2.0)
      event_stream_parser (~> 1.0)
      faraday (~> 2.9)
      faraday-typhoeus (~> 1.1)
    modelcontextprotocol (0.1.0)
    multi_json (1.15.0)
    multi_xml (0.7.1)
      bigdecimal (~> 3.1)
    multipart-post (2.4.1)
    mustermann (3.0.3)
      ruby2_keywords (~> 0.0.1)
    nano-bots (1.1.2)
      babosa (~> 2.0)
      concurrent-ruby (~> 1.2, >= 1.2.2)
      dotenv (~> 2.8, >= 2.8.1)
      faraday (~> 2.7, >= 2.7.12)
      pry (~> 0.14.2)
      rainbow (~> 3.1, >= 3.1.1)
      rbnacl (~> 7.1, >= 7.1.1)
      ruby-openai (~> 6.3, >= 6.3.1)
      sweet-moon (~> 0.0.7)
    neighbor (0.5.2)
      activerecord (>= 7)
    net-http (0.6.0)
      uri
    net-imap (0.5.6)
      date
      net-protocol
    net-pop (0.1.2)
      net-protocol
    net-protocol (0.2.2)
      timeout
    net-smtp (0.5.1)
      net-protocol
    nio4r (2.7.4)
    nokogiri (1.18.7-arm64-darwin)
      racc (~> 1.4)
    nokogiri (1.18.7-x86_64-darwin)
      racc (~> 1.4)
    nokogiri (1.18.7-x86_64-linux-gnu)
      racc (~> 1.4)
    nokogiri (1.18.7-x86_64-linux-musl)
      racc (~> 1.4)
    numo-narray (0.9.2.1)
    ollama-ai (1.3.0)
      faraday (~> 2.10)
      faraday-typhoeus (~> 1.1)
      typhoeus (~> 1.4, >= 1.4.1)
    omniai (2.3.1)
      event_stream_parser
      http
      logger
      zeitwerk
    omniai-anthropic (2.2.0)
      event_stream_parser
      omniai (~> 2.2)
      zeitwerk
    omniai-deepseek (2.2.0)
      event_stream_parser
      omniai (~> 2.2)
      zeitwerk
    omniai-google (2.3.2)
      event_stream_parser
      googleauth
      omniai (~> 2.3)
      zeitwerk
    omniai-mistral (2.2.0)
      event_stream_parser
      omniai (~> 2.2)
      zeitwerk
    omniai-openai (2.2.0)
      event_stream_parser
      omniai (~> 2.2)
      zeitwerk
    onnxruntime (0.9.4-arm64-darwin)
      ffi
    onnxruntime (0.9.4-x86_64-darwin)
      ffi
    onnxruntime (0.9.4-x86_64-linux)
      ffi
    open_router (0.3.3)
      activesupport (>= 6.0)
      dotenv (>= 2)
      faraday (>= 1)
      faraday-multipart (>= 1)
    os (1.1.4)
    pastel (0.8.0)
      tty-color (~> 0.5)
    pg (1.5.9)
    pgvector (0.3.2)
    pinecone (1.1.0)
      dry-struct (~> 1.6.0)
      dry-validation (~> 1.10.0)
      httparty (~> 0.22.0)
    pp (0.6.2)
      prettyprint
    pragmatic_segmenter (0.3.24)
    prettyprint (0.2.0)
    prompt_manager (0.5.0)
    pry (0.14.2)
      coderay (~> 1.1)
      method_source (~> 1.0)
    psych (5.2.3)
      date
      stringio
    public_suffix (6.0.1)
    pycall (1.5.2)
    racc (1.8.1)
    rack (3.1.12)
    rack-protection (4.1.1)
      base64 (>= 0.1.0)
      logger (>= 1.6.0)
      rack (>= 3.0.0, < 4)
    rack-session (2.1.0)
      base64 (>= 0.1.0)
      rack (>= 3.0.0)
    rack-test (2.2.0)
      rack (>= 1.3)
    rackup (2.2.1)
      rack (>= 3)
    rails (8.0.2)
      actioncable (= 8.0.2)
      actionmailbox (= 8.0.2)
      actionmailer (= 8.0.2)
      actionpack (= 8.0.2)
      actiontext (= 8.0.2)
      actionview (= 8.0.2)
      activejob (= 8.0.2)
      activemodel (= 8.0.2)
      activerecord (= 8.0.2)
      activestorage (= 8.0.2)
      activesupport (= 8.0.2)
      bundler (>= 1.15.0)
      railties (= 8.0.2)
    rails-dom-testing (2.2.0)
      activesupport (>= 5.0.0)
      minitest
      nokogiri (>= 1.6)
    rails-html-sanitizer (1.6.2)
      loofah (~> 2.21)
      nokogiri (>= 1.15.7, != 1.16.7, != 1.16.6, != 1.16.5, != 1.16.4, != 1.16.3, != 1.16.2, != 1.16.1, != 1.16.0.rc1, != 1.16.0)
    rails-mcp-server (1.0.0)
      logger
      mcp-rb
    railties (8.0.2)
      actionpack (= 8.0.2)
      activesupport (= 8.0.2)
      irb (~> 1.13)
      rackup (>= 1.0.0)
      rake (>= 12.2)
      thor (~> 1.0, >= 1.2.2)
      zeitwerk (~> 2.6)
    rainbow (3.1.1)
    raix (0.4.2)
      activesupport (>= 6.0)
      open_router (~> 0.2)
    raix-rails (0.3.1)
      activesupport (>= 6.0)
      open_router (~> 0.2)
    rake (13.2.1)
    rb-fsevent (0.11.2)
    rb-inotify (0.11.1)
      ffi (~> 1.0)
    rbnacl (7.1.2)
      ffi (~> 1)
    rchardet (1.9.0)
    rdoc (6.13.1)
      psych (>= 4.0.0)
    refinements (13.1.0)
    regent (0.3.4)
      faraday (~> 2.12)
      pastel (~> 0.8.0)
      tty-spinner (~> 0.9.3)
      zeitwerk (~> 2.7)
    reline (0.6.1)
      io-console (~> 0.5)
    rice (4.5.0)
    rspec (3.13.0)
      rspec-core (~> 3.13.0)
      rspec-expectations (~> 3.13.0)
      rspec-mocks (~> 3.13.0)
    rspec-core (3.13.3)
      rspec-support (~> 3.13.0)
    rspec-expectations (3.13.3)
      diff-lcs (>= 1.2.0, < 2.0)
      rspec-support (~> 3.13.0)
    rspec-llama (0.1.0)
      rspec (~> 3.0)
    rspec-mocks (3.13.2)
      diff-lcs (>= 1.2.0, < 2.0)
      rspec-support (~> 3.13.0)
    rspec-support (3.13.2)
    ruby-openai (6.5.0)
      event_stream_parser (>= 0.3.0, < 2.0.0)
      faraday (>= 1)
      faraday-multipart (>= 1)
    ruby2_keywords (0.0.5)
    ruby_llm (1.0.1)
      base64
      event_stream_parser (~> 1)
      faraday (~> 2)
      faraday-multipart (~> 1)
      faraday-retry (~> 2)
      zeitwerk (~> 2)
    securerandom (0.4.1)
    shellwords (0.2.2)
    signet (0.19.0)
      addressable (~> 2.8)
      faraday (>= 0.17.5, < 3.a)
      jwt (>= 1.5, < 3.0)
      multi_json (~> 1.10)
    simple_rag (0.1.3)
    sinatra (4.1.1)
      logger (>= 1.6.0)
      mustermann (~> 3.0)
      rack (>= 3.0.0, < 4)
      rack-protection (= 4.1.1)
      rack-session (>= 2.0.0, < 3)
      tilt (~> 2.0)
    sqlite-vec (0.1.6-arm64-darwin)
    sqlite-vec (0.1.6-x86_64-darwin)
    sqlite-vec (0.1.6-x86_64-linux)
    sqlite3 (2.6.0-arm64-darwin)
    sqlite3 (2.6.0-x86_64-darwin)
    sqlite3 (2.6.0-x86_64-linux-gnu)
    sqlite3 (2.6.0-x86_64-linux-musl)
    stringio (3.1.6)
    strings-ansi (0.2.0)
    sublayer (0.2.8)
      activesupport
      httparty
      listen
      ruby-openai
      thor
      zeitwerk
    sweet-moon (0.0.7)
      ffi (~> 1.15, >= 1.15.5)
    thor (1.3.2)
    tiktoken_ruby (0.0.11.1-arm64-darwin)
    tiktoken_ruby (0.0.11.1-x86_64-darwin)
    tiktoken_ruby (0.0.11.1-x86_64-linux)
    tiktoken_ruby (0.0.11.1-x86_64-linux-musl)
    tilt (2.6.0)
    timeout (0.4.3)
    tokenizers (0.5.4-arm64-darwin)
    tokenizers (0.5.4-x86_64-darwin)
    tokenizers (0.5.4-x86_64-linux)
    tokenizers (0.5.4-x86_64-linux-musl)
    toml-rb (4.0.0)
      citrus (~> 3.0, > 3.0)
      racc (~> 1.7)
    tty-color (0.6.0)
    tty-cursor (0.7.1)
    tty-progressbar (0.18.3)
      strings-ansi (~> 0.2)
      tty-cursor (~> 0.7)
      tty-screen (~> 0.8)
      unicode-display_width (>= 1.6, < 3.0)
    tty-screen (0.8.2)
    tty-spinner (0.9.3)
      tty-cursor (~> 0.7)
    typhoeus (1.4.1)
      ethon (>= 0.9.0)
    tzinfo (2.0.6)
      concurrent-ruby (~> 1.0)
    unicode-display_width (2.6.0)
    uri (1.0.3)
    useragent (0.16.11)
    versionaire (14.1.0)
      refinements (~> 13.0)
    weaviate-ruby (0.9.2)
      faraday (>= 2.0.1, < 3.0)
      graphlient (>= 0.7.0, < 0.9.0)
    websocket-driver (0.7.7)
      base64
      websocket-extensions (>= 0.1.0)
    websocket-extensions (0.1.5)
    zeitwerk (2.7.2)
    zlib (3.2.1)

PLATFORMS
  arm64-darwin
  x86_64-darwin
  x86_64-linux
  x86_64-linux-gnu
  x86_64-linux-musl

DEPENDENCIES
  action_prompt
  actionmcp
  activeagent
  ai-engine
  ai_client
  aia
  aicommit
  aigcm
  anthropic
  baran
  boxcars
  clag
  clip-rb
  cohere-ai
  debug_me
  faiss
  fast-mcp
  gemini-ai
  gen-ai
  groq
  hugging-face
  ima
  informers
  intelligence
  langchainrb
  langchainrb_rails
  llm_orchestrator
  mcp-rb
  minds_sdk
  minitest
  mistral-ai
  modelcontextprotocol
  nano-bots
  neighbor
  ollama-ai
  omniai
  omniai-anthropic
  omniai-deepseek
  omniai-google
  omniai-mistral
  omniai-openai
  open_router
  pg
  pgvector
  pinecone
  pragmatic_segmenter
  pycall
  rails
  rails-mcp-server
  raix
  raix-rails
  regent
  rspec-llama
  ruby-openai
  ruby_llm
  simple_rag
  sinatra
  sqlite-vec
  sqlite3
  sublayer
  tiktoken_ruby
  weaviate-ruby

BUNDLED WITH
   2.6.7
