GEM
  remote: https://rubygems.org/
  specs:
    aws-s3 (0.6.3)
      builder
      mime-types
      xml-simple
    builder (3.2.3)
    colorize (0.8.1)
    hashie (3.4.6)
    hipchat (1.5.4)
      httparty
      mimemagic
    hipchat-s3 (0.1.1)
      aws-s3
      hipchat
    hipchat_bot (0.1.1)
      httparty
      json
      xmpp4r
    hipchat_searcher (1.0.1)
      colorize
      hashie
      hipchat
      slop
    httparty (0.14.0)
      multi_xml (>= 0.5.2)
    json (2.0.3)
    mime-types (3.1)
      mime-types-data (~> 3.2015)
    mime-types-data (3.2016.0521)
    mimemagic (0.3.2)
    multi_xml (0.6.0)
    slop (4.4.1)
    xml-simple (1.1.5)
    xmpp4r (0.5.6)

PLATFORMS
  ruby

DEPENDENCIES
  hipchat
  hipchat-s3
  hipchat_bot
  hipchat_searcher

BUNDLED WITH
   1.13.7
