GEM
  remote: https://rubygems.org/
  specs:
    activemodel (7.2.1)
      activesupport (= 7.2.1)
    activerecord (7.2.1)
      activemodel (= 7.2.1)
      activesupport (= 7.2.1)
      timeout (>= 0.4.0)
    activesupport (7.2.1)
      base64
      bigdecimal
      concurrent-ruby (~> 1.0, >= 1.3.1)
      connection_pool (>= 2.2.5)
      drb
      i18n (>= 1.6, < 2)
      logger (>= 1.4.2)
      minitest (>= 5.1)
      securerandom (>= 0.3)
      tzinfo (~> 2.0, >= 2.0.5)
    addressable (2.8.7)
      public_suffix (>= 2.0.2, < 7.0)
    ai_client (0.1.0)
      omniai
      omniai-anthropic
      omniai-google
      omniai-mistral
      omniai-openai
    amazing_print (1.6.0)
    base64 (0.2.0)
    bigdecimal (3.1.8)
    concurrent-ruby (1.3.4)
    connection_pool (2.4.1)
    debug_me (1.1.1)
    domain_name (0.6.20240107)
    drb (2.2.1)
    event_stream_parser (1.0.0)
    ffi (1.17.0)
    ffi-compiler (1.3.2)
      ffi (>= 1.15.5)
      rake
    http (5.2.0)
      addressable (~> 2.8)
      base64 (~> 0.1)
      http-cookie (~> 1.0)
      http-form_data (~> 2.2)
      llhttp-ffi (~> 0.5.0)
    http-cookie (1.0.7)
      domain_name (~> 0.5)
    http-form_data (2.3.0)
    i18n (1.14.6)
      concurrent-ruby (~> 1.0)
    llhttp-ffi (0.5.0)
      ffi-compiler (~> 1.0)
      rake (~> 13.0)
    logger (1.6.1)
    matrix (0.4.2)
    minitest (5.25.1)
    neighbor (0.4.3)
      activerecord (>= 6.1)
    omniai (1.8.1)
      event_stream_parser
      http
      zeitwerk
    omniai-anthropic (1.8.1)
      event_stream_parser
      omniai
      zeitwerk
    omniai-google (1.8.2)
      event_stream_parser
      omniai
      zeitwerk
    omniai-mistral (1.8.1)
      event_stream_parser
      omniai
      zeitwerk
    omniai-openai (1.8.2)
      event_stream_parser
      omniai
      zeitwerk
    pg (1.5.8)
    public_suffix (6.0.1)
    rake (13.2.1)
    ruby-progressbar (1.13.0)
    securerandom (0.3.1)
    timeout (0.4.1)
    tzinfo (2.0.6)
      concurrent-ruby (~> 1.0)
    zeitwerk (2.6.18)

PLATFORMS
  arm64-darwin-23
  ruby

DEPENDENCIES
  activerecord
  activesupport
  ai_client
  amazing_print
  debug_me
  matrix
  neighbor
  omniai
  omniai-anthropic
  omniai-google
  omniai-mistral
  omniai-openai
  pg
  ruby-progressbar

BUNDLED WITH
   2.6.0.dev
