GEM
  remote: https://rubygems.org/
  specs:
    andand (1.3.3)
    geohash36 (0.3.1)
      andand
      os
      ptools
      ruby-try (~> 1.1.1)
      thor
    google_cloud_vision (0.1.1)
    jsonpath (0.5.8)
      multi_json
    multi_json (1.11.2)
    os (0.9.6)
    ptools (1.3.3)
    ruby-try (1.1.1)
    thor (0.19.1)

PLATFORMS
  ruby

DEPENDENCIES
  geohash36
  google_cloud_vision
  jsonpath

BUNDLED WITH
   1.11.2
