GEM
  remote: https://rubygems.org/
  specs:
    google_cloud_vision (0.1.1)

PLATFORMS
  ruby

DEPENDENCIES
  google_cloud_vision

BUNDLED WITH
   1.11.2
