GEM
  remote: https://rubygems.org/
  specs:
    andand (1.3.3)
    awesome_print (1.6.1)
    cli_helper (0.1.7)
      configatron
      inifile
      nenv
      slop (~> 4.2)
    configatron (4.5.0)
    debug_me (1.0.2)
    geohash36 (0.3.1)
      andand
      os
      ptools
      ruby-try (~> 1.1.1)
      thor
    google_cloud_vision (0.1.1)
    inifile (3.0.0)
    jsonpath (0.5.8)
      multi_json
    multi_json (1.11.2)
    nenv (0.3.0)
    os (0.9.6)
    ptools (1.3.3)
    rgeo (0.5.3)
    rgeo-kml (0.0.1)
      rgeo (>= 0.3.13)
    ruby-try (1.1.1)
    slop (4.3.0)
    thor (0.19.1)

PLATFORMS
  ruby

DEPENDENCIES
  awesome_print
  cli_helper
  debug_me
  geohash36
  google_cloud_vision
  jsonpath
  rgeo
  rgeo-kml

BUNDLED WITH
   1.11.2
