GEM
  remote: https://rubygems.org/
  specs:
    activemodel (7.0.4.1)
      activesupport (= 7.0.4.1)
    activesupport (7.0.4.1)
      concurrent-ruby (~> 1.0, >= 1.0.2)
      i18n (>= 1.6, < 2)
      minitest (>= 5.1)
      tzinfo (~> 2.0)
    awesome_print (1.6.1)
    cli_helper (0.2.0)
      configatron
      inifile
      nenv
      slop (~> 4.6)
    concurrent-ruby (1.1.10)
    configatron (4.5.1)
    debug_me (1.0.2)
    ffi-yajl (2.2.3)
      libyajl2 (~> 1.2)
    i18n (1.12.0)
      concurrent-ruby (~> 1.0)
    inifile (3.0.0)
    json (2.6.3)
    kick_the_tires (0.0.2)
      awesome_print
    libyajl2 (1.2.0)
    middleware (0.1.0)
    minitest (5.17.0)
    nenv (0.3.0)
    nobrainer (0.31.0)
      activemodel (>= 4.1.0)
      activesupport (>= 4.1.0)
      middleware (~> 0.1.0)
      rethinkdb (>= 2.1.0)
      symbol_decoration (~> 1.1)
    rethinkdb (2.2.0.4)
      json
    slop (4.9.3)
    symbol_decoration (1.1.0)
    tzinfo (2.0.5)
      concurrent-ruby (~> 1.0)

PLATFORMS
  ruby

DEPENDENCIES
  awesome_print
  cli_helper
  debug_me
  ffi-yajl
  kick_the_tires
  nobrainer
  rethinkdb

BUNDLED WITH
   1.11.2
