GEM
  remote: https://rubygems.org/
  specs:
    activemodel (4.2.6)
      activesupport (= 4.2.6)
      builder (~> 3.1)
    activesupport (4.2.6)
      i18n (~> 0.7)
      json (~> 1.7, >= 1.7.7)
      minitest (~> 5.1)
      thread_safe (~> 0.3, >= 0.3.4)
      tzinfo (~> 1.1)
    awesome_print (1.6.1)
    builder (3.2.2)
    cli_helper (0.1.7)
      configatron
      inifile
      nenv
      slop (~> 4.2)
    configatron (4.5.0)
    debug_me (1.0.2)
    ffi-yajl (2.2.3)
      libyajl2 (~> 1.2)
    i18n (0.7.0)
    inifile (3.0.0)
    json (1.8.3)
    kick_the_tires (0.0.2)
      awesome_print
    libyajl2 (1.2.0)
    middleware (0.1.0)
    minitest (5.8.4)
    nenv (0.3.0)
    nobrainer (0.31.0)
      activemodel (>= 4.1.0)
      activesupport (>= 4.1.0)
      middleware (~> 0.1.0)
      rethinkdb (>= 2.1.0)
      symbol_decoration (~> 1.1)
    rethinkdb (2.2.0.4)
      json
    slop (4.2.1)
    symbol_decoration (1.1.0)
    thread_safe (0.3.5)
    tzinfo (1.2.2)
      thread_safe (~> 0.1)

PLATFORMS
  ruby

DEPENDENCIES
  awesome_print
  cli_helper
  debug_me
  ffi-yajl
  kick_the_tires
  nobrainer
  rethinkdb

BUNDLED WITH
   1.11.2
