GEM
  remote: https://rubygems.org/
  specs:
    cli_helper (0.1.8)
      configatron
      inifile
      nenv
      slop (~> 4.2)
    configatron (4.5.0)
    inifile (3.0.0)
    loggability (0.11.0)
    nenv (0.3.0)
    rwordnet (1.1.0)
    sequel (3.48.0)
    slop (4.3.0)
    sqlite3 (1.3.11)
    wordnet (1.0.0)
      loggability (~> 0.5)
      sequel (~> 3.38)
    wordnet-defaultdb (1.0.1)
      sqlite3 (~> 1.3)
      wordnet (~> 1.0.0.pre)
    words (0.4.6)

PLATFORMS
  ruby

DEPENDENCIES
  cli_helper
  rwordnet
  wordnet
  wordnet-defaultdb
  words

BUNDLED WITH
   1.12.4
