GEM
  remote: https://rubygems.org/
  specs:
    activesupport (7.0.6)
      concurrent-ruby (~> 1.0, >= 1.0.2)
      i18n (>= 1.6, < 2)
      minitest (>= 5.1)
      tzinfo (~> 2.0)
    alphavantage (1.2.0)
      faraday (~> 1.4)
      hashie (~> 4.1)
    api_key_manager (0.1.0)
    awesome_print (1.9.2)
    backports (3.24.1)
    clbustos-rtf (0.4.2)
    concurrent-ruby (1.2.2)
    daru (0.1.6)
      backports
    descriptive_statistics (2.5.1)
    dirty-memoize (0.0.4)
    distribution (0.8.0)
    extendmatrix (0.4)
    faraday (1.10.3)
      faraday-em_http (~> 1.0)
      faraday-em_synchrony (~> 1.0)
      faraday-excon (~> 1.1)
      faraday-httpclient (~> 1.0)
      faraday-multipart (~> 1.0)
      faraday-net_http (~> 1.0)
      faraday-net_http_persistent (~> 1.0)
      faraday-patron (~> 1.0)
      faraday-rack (~> 1.0)
      faraday-retry (~> 1.0)
      ruby2_keywords (>= 0.0.4)
    faraday-em_http (1.0.0)
    faraday-em_synchrony (1.0.0)
    faraday-excon (1.1.0)
    faraday-httpclient (1.0.1)
    faraday-multipart (1.0.4)
      multipart-post (~> 2)
    faraday-net_http (1.0.1)
    faraday-net_http_persistent (1.2.0)
    faraday-patron (1.0.0)
    faraday-rack (1.0.0)
    faraday-retry (1.0.3)
    hashie (4.1.0)
    i18n (1.14.1)
      concurrent-ruby (~> 1.0)
    minimization (0.2.5)
      text-table (~> 1.2)
    minitest (5.20.0)
    multipart-post (2.3.0)
    nenv (0.3.0)
    pastel (0.8.0)
      tty-color (~> 0.5)
    prawn (0.8.4)
      prawn-core (>= 0.8.4, < 0.9)
      prawn-layout (>= 0.8.4, < 0.9)
      prawn-security (>= 0.8.4, < 0.9)
    prawn-core (0.8.4)
    prawn-layout (0.8.4)
    prawn-security (0.8.4)
    prawn-svg (0.9.1.11)
      prawn (>= 0.8.4)
    reportbuilder (1.4.2)
      clbustos-rtf (~> 0.4.0)
      prawn (~> 0.8.4)
      prawn-svg (~> 0.9.1)
      text-table (~> 1.2)
    rserve-client (0.3.5)
    ruby-ole (1.2.12.2)
    ruby2_keywords (0.0.5)
    rubyvis (0.6.1)
    sem_version (2.0.1)
    spreadsheet (1.3.0)
      ruby-ole
    sqa (0.0.17)
      activesupport (= 7.0.6)
      alphavantage
      api_key_manager
      descriptive_statistics
      faraday
      hashie (~> 4.1.0)
      nenv
      sem_version
      tty-option
      tty-table
    statsample (2.1.0)
      awesome_print (~> 1.6)
      daru (~> 0.1.6)
      dirty-memoize (~> 0.0.4)
      distribution (~> 0.7)
      extendmatrix (~> 0.4)
      minimization (~> 0.2)
      reportbuilder (~> 1.4)
      rserve-client (~> 0.3)
      rubyvis (~> 0.6.1)
      spreadsheet (~> 1.1)
    strings (0.2.1)
      strings-ansi (~> 0.2)
      unicode-display_width (>= 1.5, < 3.0)
      unicode_utils (~> 1.4)
    strings-ansi (0.2.0)
    text-table (1.2.4)
    tty-color (0.6.0)
    tty-option (0.3.0)
    tty-screen (0.8.1)
    tty-table (0.12.0)
      pastel (~> 0.8)
      strings (~> 0.2.0)
      tty-screen (~> 0.8)
    tzinfo (2.0.6)
      concurrent-ruby (~> 1.0)
    unicode-display_width (2.5.0)
    unicode_utils (1.4.0)

PLATFORMS
  x86_64-darwin-17

DEPENDENCIES
  alphavantage
  descriptive_statistics
  sqa
  statsample

BUNDLED WITH
   2.4.20
