GEM
  remote: https://rubygems.org/
  specs:
    activemodel (7.0.4.2)
      activesupport (= 7.0.4.2)
    activesupport (7.0.4.2)
      concurrent-ruby (~> 1.0, >= 1.0.2)
      i18n (>= 1.6, < 2)
      minitest (>= 5.1)
      tzinfo (~> 2.0)
    awesome_print (1.9.2)
    c_geohash (1.1.2)
    cli_helper (0.2.0)
      configatron
      inifile
      nenv
      slop (~> 4.6)
    concurrent-ruby (1.2.0)
    configatron (4.5.1)
    debug_me (1.1.0)
    ffi (1.15.5)
    ffi-geos (2.4.0)
      ffi (>= 1.0.0)
    geocoder (1.8.1)
    geokit (1.14.0)
    geospatial (1.14.1)
    highline (2.1.0)
    i18n (1.12.0)
      concurrent-ruby (~> 1.0)
    inifile (3.0.0)
    kick_the_tires (0.0.2)
      awesome_print
    middleware (0.1.0)
    minitest (5.17.0)
    nenv (0.3.0)
    nobrainer (0.43.0)
      activemodel (>= 4.1.0, < 8)
      activesupport (>= 4.1.0, < 8)
      middleware (~> 0.1.0)
      rethinkdb (>= 2.3.0, < 2.5)
      symbol_decoration (~> 1.1)
    nobrainer_geospatial (1.1)
      nobrainer
    opencage-geocoder (3.1.0)
    options (2.3.2)
    progress_bar (1.3.3)
      highline (>= 1.6, < 3)
      options (~> 2.3.0)
    rethinkdb (2.4.0.0)
    rethinkdb_helper (0.0.4)
      rethinkdb (~> 2)
    rgeo (3.0.0)
    rgeo-geojson (2.1.1)
      rgeo (>= 1.0.0)
    slop (4.9.3)
    symbol_decoration (1.1.0)
    tzinfo (2.0.6)
      concurrent-ruby (~> 1.0)

PLATFORMS
  arm64-darwin-22

DEPENDENCIES
  c_geohash
  cli_helper
  debug_me
  ffi-geos
  geocoder
  geokit
  geospatial
  kick_the_tires
  nobrainer
  nobrainer_geospatial
  opencage-geocoder
  progress_bar
  rethinkdb
  rethinkdb_helper
  rgeo
  rgeo-geojson

BUNDLED WITH
   2.4.5
