GEM
  remote: https://rubygems.org/
  specs:
    activemodel (7.0.3)
      activesupport (= 7.0.3)
    activesupport (7.0.3)
      concurrent-ruby (~> 1.0, >= 1.0.2)
      i18n (>= 1.6, < 2)
      minitest (>= 5.1)
      tzinfo (~> 2.0)
    awesome_print (1.9.2)
    cli_helper (0.1.5)
      configatron
      inifile
      nenv
      slop (~> 4.0)
    concurrent-ruby (1.1.10)
    configatron (4.5.1)
    debug_me (1.0.2)
    ffi (1.15.5)
    ffi-geos (1.1.0)
      ffi (>= 1.0.0)
    geocoder (1.2.11)
    geokit (1.10.0)
    geospatial (0.0.1)
    highline (1.7.10)
    i18n (1.10.0)
      concurrent-ruby (~> 1.0)
    inifile (3.0.0)
    json (2.6.2)
    kick_the_tires (0.0.2)
      awesome_print
    middleware (0.1.0)
    minitest (5.16.0)
    nenv (0.3.0)
    nobrainer (0.30.0)
      activemodel (>= 4.1.0)
      activesupport (>= 4.1.0)
      middleware (~> 0.1.0)
      rethinkdb (>= 2.1.0)
      symbol_decoration (~> 1.1)
    nobrainer_geospatial (1.1)
      nobrainer
    opencage-geocoder (2.1.4)
    options (2.3.2)
    progress_bar (1.0.5)
      highline (~> 1.6)
      options (~> 2.3.0)
    rethinkdb (2.1.0.1)
      json
    rethinkdb_helper (0.0.4)
      rethinkdb (~> 2)
    rgeo (0.4.0)
    rgeo-geojson (0.3.1)
      rgeo (~> 0.3)
    slop (4.9.2)
    symbol_decoration (1.1.0)
    tzinfo (2.0.4)
      concurrent-ruby (~> 1.0)

PLATFORMS
  ruby

DEPENDENCIES
  cli_helper
  debug_me
  ffi-geos
  geocoder
  geokit
  geospatial
  kick_the_tires
  nobrainer
  nobrainer_geospatial
  opencage-geocoder
  progress_bar
  rethinkdb
  rethinkdb_helper
  rgeo
  rgeo-geojson

BUNDLED WITH
   1.10.6
