GEM
  remote: https://rubygems.org/
  specs:
    activemodel (7.2.1)
      activesupport (= 7.2.1)
    activerecord (7.2.1)
      activemodel (= 7.2.1)
      activesupport (= 7.2.1)
      timeout (>= 0.4.0)
    activesupport (7.2.1)
      base64
      bigdecimal
      concurrent-ruby (~> 1.0, >= 1.3.1)
      connection_pool (>= 2.2.5)
      drb
      i18n (>= 1.6, < 2)
      logger (>= 1.4.2)
      minitest (>= 5.1)
      securerandom (>= 0.3)
      tzinfo (~> 2.0, >= 2.0.5)
    base64 (0.2.0)
    bigdecimal (3.1.8)
    concurrent-ruby (1.3.4)
    connection_pool (2.4.1)
    drb (2.2.1)
    ffi (1.17.0)
    ffi (1.17.0-arm64-darwin)
    i18n (1.14.5)
      concurrent-ruby (~> 1.0)
    informers (1.0.3)
      onnxruntime (>= 0.9)
      tokenizers (>= 0.5.2)
    logger (1.6.1)
    minitest (5.25.1)
    neighbor (0.4.3)
      activerecord (>= 6.1)
    numo-narray (0.9.2.1)
    onnxruntime (0.9.2)
      ffi
    onnxruntime (0.9.2-arm64-darwin)
      ffi
    rb_sys (0.9.102)
    rice (4.3.1)
    safetensors (0.1.1)
      rb_sys
    safetensors (0.1.1-arm64-darwin)
    securerandom (0.3.1)
    timeout (0.4.1)
    tokenizers (0.5.2)
      rb_sys
    tokenizers (0.5.2-arm64-darwin)
    torch-rb (0.17.1)
      rice (>= 4.1)
    transformers-rb (0.1.1)
      numo-narray (>= 0.9.2)
      safetensors (>= 0.1.1)
      tokenizers (>= 0.5.2)
      torch-rb (>= 0.17.1)
    tzinfo (2.0.6)
      concurrent-ruby (~> 1.0)

PLATFORMS
  arm64-darwin-23
  ruby

DEPENDENCIES
  informers
  neighbor
  torch-rb
  transformers-rb

BUNDLED WITH
   2.5.18
