GEM
  remote: https://rubygems.org/
  specs:
    activemodel (4.2.1)
      activesupport (= 4.2.1)
      builder (~> 3.1)
    activesupport (4.2.1)
      i18n (~> 0.7)
      json (~> 1.7, >= 1.7.7)
      minitest (~> 5.1)
      thread_safe (~> 0.3, >= 0.3.4)
      tzinfo (~> 1.1)
    addressable (2.3.7)
    awesome_print (1.6.1)
    builder (3.2.2)
    cli_helper (0.0.2)
      awesome_print
      nenv
      slop
    highline (1.6.21)
    i18n (0.7.0)
    json (1.8.2)
    middleware (0.1.0)
    minitest (5.5.1)
    nenv (0.2.0)
    nobrainer (0.22.0)
      activemodel (>= 4.1.0)
      activesupport (>= 4.1.0)
      middleware (~> 0.1.0)
      rethinkdb (>= 1.15.0.0)
      symbol_decoration (~> 1.1)
    options (2.3.2)
    progress_bar (1.0.3)
      highline (~> 1.6.1)
      options (~> 2.3.0)
    rethinkdb (1.16.0.1)
      json
    rethinkdb_helper (0.0.2)
      rethinkdb (~> 1.16)
    slop (4.0.0)
    symbol_decoration (1.1.0)
    thread_safe (0.3.5)
    tzinfo (1.2.2)
      thread_safe (~> 0.1)
    useragent (0.13.3)

PLATFORMS
  ruby

DEPENDENCIES
  addressable
  cli_helper
  nobrainer
  progress_bar
  rethinkdb
  rethinkdb_helper
  useragent
