GEM
  remote: https://rubygems.org/
  specs:
    dynarex-parser (0.3.1)
      rexleparser (~> 0.6, >= 0.6.0)
    em-mqtt (0.0.3)
      eventmachine
      mqtt (>= 0.0.8)
    em-mqtts (0.0.1)
      em-mqtt (>= 0.0.3)
      eventmachine
      mqtt (>= 0.0.8)
    eventmachine (1.0.6)
    json_rpc_over_mqtt_example (0.0.1)
      mqtt
      net-ping
    mqtt (0.3.1)
    mqtt-sn-ruby (0.1.9)
    net-ping (1.7.7)
    polyrex-parser (0.3.4)
      recordx-parser
    recordx-parser (0.1.5)
      rexleparser
    rexle (1.2.9)
      dynarex-parser (~> 0.3, >= 0.3.0)
      polyrex-parser (~> 0.3, >= 0.3.4)
      rexle-builder (~> 0.2, >= 0.2.0)
      rexle-css (~> 0.1, >= 0.1.3)
      rexleparser (~> 0.6, >= 0.6.0)
    rexle-builder (0.2.1)
    rexle-css (0.1.3)
    rexleparser (0.6.1)
    rxfhelper (0.1.14)
    simple_ruby_mqtt_client (0.3.1)
      mqtt (~> 0.3, >= 0.3)
    simpleblockingwebsocketclient (0.43)
    simplepubsub (1.1.12)
      websocket-eventmachine-client (~> 1.0, >= 1.0.1)
      websocket-eventmachine-server (~> 1.0, >= 1.0.1)
      xml-registry (~> 0.2, >= 0.2.3)
    sps-pub (0.4.0)
      simpleblockingwebsocketclient (~> 0.43, >= 0.43)
    sps_mqtt_bridge (0.1.1)
      mqtt (~> 0.2, >= 0.2.0)
      simplepubsub (~> 1.1, >= 1.1.6)
      sps-pub (~> 0.3, >= 0.3.0)
    websocket (1.2.1)
    websocket-eventmachine-base (1.1.0)
      eventmachine (~> 1.0)
      websocket (~> 1.0)
      websocket-native (~> 1.0)
    websocket-eventmachine-client (1.1.0)
      websocket-eventmachine-base (~> 1.0)
    websocket-eventmachine-server (1.0.1)
      websocket-eventmachine-base (~> 1.0)
    websocket-native (1.0.0)
    xml-registry (0.3.1)
      rexle (~> 1.0, >= 1.0.11)
      rxfhelper (~> 0.1, >= 0.1.12)

PLATFORMS
  ruby

DEPENDENCIES
  em-mqtt
  em-mqtts
  json_rpc_over_mqtt_example
  mqtt
  mqtt-sn-ruby
  simple_ruby_mqtt_client
  sps_mqtt_bridge
