GEM
  remote: https://rubygems.org/
  specs:
    builder (3.2.2)
    jwt (1.0.0)
    multi_json (1.10.1)
    nenv (0.1.1)
    phony (2.10.0)
    twilio-ruby (3.14.2)
      builder (>= 2.1.2)
      jwt (~> 1.0.0)
      multi_json (>= 1.3.0)

PLATFORMS
  ruby

DEPENDENCIES
  nenv
  phony
  twilio-ruby
