GEM
  remote: https://rubygems.org/
  specs:
    awesome_print (1.8.0)
    binding.repl (3.0.0)
    cd (1.0.1)
    cli_helper (0.1.8)
      configatron
      inifile
      nenv
      slop (~> 4.2)
    clipboard (1.3.3)
    code (0.9.2)
      coderay (~> 1.1)
      method_source (~> 0.9)
    coderay (1.1.2)
    configatron (4.5.1)
    debug_me (1.0.3)
    debugging (1.1.1)
      binding.repl (~> 3.0)
      paint (>= 0.9, < 3.0)
    equatable (0.5.0)
    event_bus (1.1.1)
    every_day_irb (2.0.0)
      cd (~> 1.0)
    fancy_irb (1.1.0)
      paint (>= 0.9, < 3.0)
      unicode-display_width (~> 1.1)
    ffi (1.10.0)
    hirb (0.7.3)
    inifile (3.0.0)
    instance (0.2.0)
    interactive_editor (0.0.11)
      spoon (>= 0.0.1)
    irbtools (2.2.1)
      binding.repl (~> 3.0)
      clipboard (~> 1.1)
      code (~> 0.9)
      coderay (~> 1.1)
      debugging (~> 1.1)
      every_day_irb (~> 2.0)
      fancy_irb (~> 1.1)
      hirb (~> 0.7, >= 0.7.3)
      instance (~> 0.2)
      interactive_editor (~> 0.0, >= 0.0.10)
      method_locator (~> 0.0, >= 0.0.4)
      methodfinder (~> 2.0)
      ori (~> 0.1.0)
      os
      paint (>= 0.9, < 3.0)
      ruby_engine (~> 1.0)
      ruby_info (~> 1.0)
      ruby_version (~> 1.0)
      wirb (~> 2.0)
    method_locator (0.0.4)
    method_source (0.9.2)
    methodfinder (2.2.1)
    necromancer (0.4.0)
    nenv (0.3.0)
    ori (0.1.0)
    os (1.0.0)
    paint (2.0.3)
    pastel (0.7.2)
      equatable (~> 0.5.0)
      tty-color (~> 0.4.0)
    require_all (2.0.0)
    ruby_engine (1.0.1)
    ruby_info (1.0.1)
    ruby_version (1.0.1)
    slop (4.6.2)
    spoon (0.0.6)
      ffi
    terminal-size (0.0.6)
    timers (4.2.0)
    tty-color (0.4.3)
    tty-cursor (0.6.0)
    tty-prompt (0.18.1)
      necromancer (~> 0.4.0)
      pastel (~> 0.7.0)
      timers (~> 4.0)
      tty-cursor (~> 0.6.0)
      tty-reader (~> 0.5.0)
    tty-reader (0.5.0)
      tty-cursor (~> 0.6.0)
      tty-screen (~> 0.6.4)
      wisper (~> 2.0.0)
    tty-screen (0.6.5)
    tty-spinner (0.9.0)
      tty-cursor (~> 0.6.0)
    unicode-display_width (1.4.1)
    wirb (2.1.2)
      paint (>= 0.9, < 3.0)
    wisper (2.0.0)
    word_wrapper (0.5.0)

PLATFORMS
  ruby

DEPENDENCIES
  awesome_print
  cli_helper
  debug_me
  event_bus
  irbtools
  os
  require_all
  terminal-size
  tty-prompt
  tty-spinner
  word_wrapper

BUNDLED WITH
   1.17.3
