GEM
  remote: https://rubygems.org/
  specs:
    activemodel (5.2.8.1)
      activesupport (= 5.2.8.1)
    activerecord (5.2.8.1)
      activemodel (= 5.2.8.1)
      activesupport (= 5.2.8.1)
      arel (>= 9.0)
    activesupport (5.2.8.1)
      concurrent-ruby (~> 1.0, >= 1.0.2)
      i18n (>= 0.7, < 2)
      minitest (~> 5.1)
      tzinfo (~> 1.1)
    arel (9.0.0)
    awesome_print (1.8.0)
    commonmarker (0.18.2)
      ruby-enum (~> 0.5)
    concurrent-ruby (1.1.10)
    debug_me (1.0.3)
    escape_utils (1.2.1)
    extended-markdown-filter (0.7.0)
      html-pipeline (~> 2.9)
    ffi (1.10.0)
    gemoji (3.0.0)
    graphql (1.9.3)
    graphql-active_record (2.2.2)
      activerecord
      graphql (>= 0.18, < 2)
    graphql-batch (0.4.0)
      graphql (>= 1.3, < 2)
      promise.rb (~> 0.7.2)
    graphql-client (0.14.0)
      activesupport (>= 3.0, < 6.0)
      graphql (~> 1.6)
    graphql-docs (1.7.1)
      commonmarker (~> 0.16)
      escape_utils (~> 1.2)
      extended-markdown-filter (~> 0.4)
      gemoji (~> 3.0)
      graphql (~> 1.8)
      html-pipeline (~> 2.9)
      sass (~> 3.4)
    graphql-errors (0.3.0)
      graphql (>= 1.6.0, < 2)
    graphql-guard (1.2.1)
      graphql (>= 1.6.0, < 2)
    graphql-preload (2.1.0)
      activerecord (>= 4.1, < 6)
      graphql (>= 1.8, < 2)
      graphql-batch (~> 0.3)
      promise.rb (~> 0.7)
    graphql-smart_select (0.1.3)
      graphql
    graphql_schema (0.1.6)
    html-pipeline (2.10.0)
      activesupport (>= 2)
      nokogiri (>= 1.4)
    i18n (1.12.0)
      concurrent-ruby (~> 1.0)
    kick_the_tires (0.0.2)
      awesome_print
    mini_portile2 (2.4.0)
    minitest (5.16.3)
    mustermann (1.0.3)
    nokogiri (1.10.1)
      mini_portile2 (~> 2.4.0)
    promise.rb (0.7.4)
    rack (2.0.7)
    rack-protection (2.0.5)
      rack
    rb-fsevent (0.10.3)
    rb-inotify (0.10.0)
      ffi (~> 1.0)
    rspec-graphql_matchers (0.7.1)
      graphql (>= 0.9, < 2)
    ruby-enum (0.7.2)
      i18n
    sass (3.7.3)
      sass-listen (~> 4.0.0)
    sass-listen (4.0.0)
      rb-fsevent (~> 0.9, >= 0.9.4)
      rb-inotify (~> 0.9, >= 0.9.7)
    sinatra (2.0.5)
      mustermann (~> 1.0)
      rack (~> 2.0)
      rack-protection (= 2.0.5)
      tilt (~> 2.0)
    thread_safe (0.3.6)
    tilt (2.0.9)
    tzinfo (1.2.10)
      thread_safe (~> 0.1)

PLATFORMS
  ruby

DEPENDENCIES
  awesome_print
  debug_me
  graphql
  graphql-active_record
  graphql-batch
  graphql-client
  graphql-docs
  graphql-errors
  graphql-guard
  graphql-preload
  graphql-smart_select
  graphql_schema
  kick_the_tires
  rspec-graphql_matchers
  sinatra

BUNDLED WITH
   2.0.1
