GEM
  remote: https://rubygems.org/
  specs:
    easy_translate (0.5.0)
      json
      thread
      thread_safe
    google-translate (1.1.2)
      json_pure (~> 1.8)
      resource_accessor (~> 1.2)
      thor (~> 0.19)
    json (1.8.2)
    json_pure (1.8.2)
    mini_portile (0.6.2)
    multi_translate (0.1)
      nokogiri (>= 1.6.1)
    nokogiri (1.6.6.2)
      mini_portile (~> 0.6.0)
    resource_accessor (1.2.4)
    thor (0.19.1)
    thread (0.1.5)
    thread_safe (0.3.5)

PLATFORMS
  ruby

DEPENDENCIES
  easy_translate
  google-translate
  multi_translate
