GEM
  remote: https://rubygems.org/
  specs:
    atomic (1.1.15)
    easy_translate (0.4.0)
      json
      thread
      thread_safe
    google-translate (1.0.1)
      json_pure
      thor
    json (1.8.1)
    json_pure (1.8.1)
    mini_portile (0.5.2)
    multi_translate (0.1)
      nokogiri (>= 1.6.1)
    nokogiri (1.6.1)
      mini_portile (~> 0.5.0)
    thor (0.18.1)
    thread (0.1.3)
    thread_safe (0.2.0)
      atomic (>= 1.1.7, < 2)

PLATFORMS
  ruby

DEPENDENCIES
  easy_translate
  google-translate
  multi_translate
