GEM
  remote: https://rubygems.org/
  specs:
    ruby-progressbar (1.13.0)
    tty-cursor (0.7.1)
    tty-spinner (0.9.3)
      tty-cursor (~> 0.7)

PLATFORMS
  arm64-darwin-23
  ruby

DEPENDENCIES
  ruby-progressbar
  tty-spinner

BUNDLED WITH
   2.5.5
