GEM
  remote: http://rubygems.org/
  remote: http://gems.github.com/
  specs:
    em-dir-watcher (0.9.4)
    eventmachine (1.0.4)
    ffi (1.9.6)
    libnotify (0.9.1)
      ffi (>= 1.0.11)
    notify (0.5.2)
    rb-inotify (0.9.5)
      ffi (>= 0.5.0)

PLATFORMS
  ruby

DEPENDENCIES
  em-dir-watcher
  eventmachine
  libnotify
  notify
  rb-inotify
