GEM
  remote: https://rubygems.org/
  specs:
    activemodel (6.0.3.2)
      activesupport (= 6.0.3.2)
    activesupport (6.0.3.2)
      concurrent-ruby (~> 1.0, >= 1.0.2)
      i18n (>= 0.7, < 2)
      minitest (~> 5.1)
      tzinfo (~> 1.1)
      zeitwerk (~> 2.2, >= 2.2.2)
    awesome_print (1.6.1)
    cli_helper (0.1.5)
      configatron
      inifile
      nenv
      slop (~> 4.0)
    concurrent-ruby (1.1.6)
    configatron (4.5.0)
    debug_me (1.0.2)
    highline (1.7.7)
    i18n (1.8.5)
      concurrent-ruby (~> 1.0)
    inifile (3.0.0)
    json (2.3.1)
    kick_the_tires (0.0.2)
      awesome_print
    middleware (0.1.0)
    minitest (5.14.1)
    nenv (0.2.0)
    nobrainer (0.30.0)
      activemodel (>= 4.1.0)
      activesupport (>= 4.1.0)
      middleware (~> 0.1.0)
      rethinkdb (>= 2.1.0)
      symbol_decoration (~> 1.1)
    options (2.3.2)
    progress_bar (1.0.5)
      highline (~> 1.6)
      options (~> 2.3.0)
    rethinkdb (2.1.0.1)
      json
    rethinkdb_helper (0.0.4)
      rethinkdb (~> 2)
    slop (4.2.0)
    symbol_decoration (1.1.0)
    thread_safe (0.3.6)
    tzinfo (1.2.7)
      thread_safe (~> 0.1)
    zeitwerk (2.4.0)

PLATFORMS
  ruby

DEPENDENCIES
  cli_helper
  debug_me
  kick_the_tires
  nobrainer
  progress_bar
  rethinkdb
  rethinkdb_helper

BUNDLED WITH
   1.10.6
