GEM
  remote: https://rubygems.org/
  specs:
    builder (3.2.2)
    docx (0.2.03)
      nokogiri (~> 1.5)
      rubyzip (~> 0.9)
    docx_generator (0.0.2)
      zipruby
    docx_manipulator (0.0.8)
      i18n
      nokogiri
      rubyzip
    docx_replace (1.0.0)
      rubyzip
    docx_templater (0.1.1)
      htmlentities (~> 4.3.1)
      rubyzip (~> 0.9.9)
    docxedit (0.0.5)
      rubyzip
    docxtor (0.1.0)
      builder
      nokogiri
      rubytree
      rubyzip
    htmlentities (4.3.1)
    i18n (0.6.4)
    json (1.8.0)
    mini_portile (0.5.0)
    nokogiri (1.6.0)
      mini_portile (~> 0.5.0)
    nokogiri (1.6.0-java)
      mini_portile (~> 0.5.0)
    rubytree (0.8.3)
      json (>= 1.7.5)
      structured_warnings (>= 0.1.3)
    rubyzip (0.9.9)
    structured_warnings (0.1.4)
    word_wrapper (0.5.0)
    ydocx (1.2.3)
    zipruby (0.3.6)

PLATFORMS
  java
  ruby

DEPENDENCIES
  docx
  docx_generator
  docx_manipulator
  docx_replace
  docx_templater
  docxedit
  docxtor
  word_wrapper
  ydocx
