GEM
  remote: https://rubygems.org/
  specs:
    builder (3.2.2)
    concurrent-ruby (1.2.0)
    docx (0.2.03)
      nokogiri (~> 1.5)
      rubyzip (~> 0.9)
    docx_generator (0.1.0)
      rubyzip
    docx_manipulator (0.0.8)
      i18n
      nokogiri
      rubyzip
    docx_replace (1.0.0)
      rubyzip
    docx_templater (0.1.1)
      htmlentities (~> 4.3.1)
      rubyzip (~> 0.9.9)
    docxedit (0.0.5)
      rubyzip
    docxtor (0.2.1)
      builder
      rubytree
      rubyzip (= 0.9.9)
    htmlentities (4.3.3)
    i18n (1.12.0)
      concurrent-ruby (~> 1.0)
    json (1.8.1)
    mini_portile (0.6.2)
    nokogiri (1.6.5)
      mini_portile (~> 0.6.0)
    rubytree (0.9.4)
      json (~> 1.8)
      structured_warnings (~> 0.1)
    rubyzip (0.9.9)
    structured_warnings (0.1.4)
    word_wrapper (0.5.0)
    ydocx (1.2.5)

PLATFORMS
  ruby

DEPENDENCIES
  docx
  docx_generator
  docx_manipulator
  docx_replace
  docx_templater
  docxedit
  docxtor
  word_wrapper
  ydocx
