GEM
  remote: https://rubygems.org/
  specs:
    awesome_print (1.6.1)
    state_machine (1.2.0)

PLATFORMS
  ruby

DEPENDENCIES
  awesome_print
  state_machine
