GEM
  remote: https://rubygems.org/
  specs:
    monads (0.0.1)

PLATFORMS
  ruby

DEPENDENCIES
  monads
