GEM
  remote: https://rubygems.org/
  specs:
    awesome_print (1.6.1)
    cells (4.1.1)
      tilt (>= 1.4, < 3)
      uber (>= 0.0.9)
    debug_me (1.0.2)
    declarative (0.0.7)
      uber (>= 0.0.15)
    disposable (0.2.6)
      declarative (~> 0.0.6)
      representable (>= 2.4.0, <= 3.1.0)
      uber
    reform (2.1.0)
      disposable (>= 0.2.2, < 0.3.0)
      representable (>= 2.4.0, < 3.1.0)
      uber (~> 0.0.11)
    representable (3.0.0)
      declarative (~> 0.0.5)
      uber (~> 0.0.15)
    roar (1.0.3)
      representable (>= 2.0.1, <= 3.0.0)
    tilt (2.0.5)
    trailblazer (1.1.1)
      declarative
      reform (>= 2.0.0, < 3.0.0)
      uber (>= 0.0.15)
    uber (0.0.15)

PLATFORMS
  ruby

DEPENDENCIES
  awesome_print
  cells
  debug_me
  disposable
  reform
  representable
  roar
  trailblazer

RUBY VERSION
   ruby 2.3.1p112

BUNDLED WITH
   1.12.5
