GEM
  remote: https://rubygems.org/
  specs:
    activesupport (4.2.6)
      i18n (~> 0.7)
      json (~> 1.7, >= 1.7.7)
      minitest (~> 5.1)
      thread_safe (~> 0.3, >= 0.3.4)
      tzinfo (~> 1.1)
    amq-protocol (2.0.1)
    awesome_print (1.7.0)
    bunny (2.4.0)
      amq-protocol (>= 2.0.1)
    bunny_farm (0.1.1)
      activesupport
      bunny
      hashie
    debug_me (1.0.2)
    hashie (3.4.4)
    i18n (0.7.0)
    json (1.8.3)
    minitest (5.9.0)
    thread_safe (0.3.5)
    tzinfo (1.2.2)
      thread_safe (~> 0.1)

PLATFORMS
  ruby

DEPENDENCIES
  awesome_print
  bunny_farm
  debug_me

RUBY VERSION
   ruby 2.3.1p112

BUNDLED WITH
   1.12.5
