GEM
  remote: https://rubygems.org/
  specs:
    activesupport (6.1.3)
      concurrent-ruby (~> 1.0, >= 1.0.2)
      i18n (>= 1.6, < 2)
      minitest (>= 5.1)
      tzinfo (~> 2.0)
      zeitwerk (~> 2.3)
    chronic (0.10.2)
    concurrent-ruby (1.1.8)
    feriados (4.4.0)
    holidays (8.4.1)
    i18n (1.8.9)
      concurrent-ruby (~> 1.0)
    ice_cube (0.16.3)
    minitest (5.14.4)
    montrose (0.12.0)
      activesupport (>= 5.2, <= 7.0)
    tzinfo (2.0.4)
      concurrent-ruby (~> 1.0)
    zeitwerk (2.4.2)

PLATFORMS
  x86_64-darwin-19

DEPENDENCIES
  chronic
  feriados
  holidays
  ice_cube
  montrose

BUNDLED WITH
   2.2.14
