GEM
  remote: https://rubygems.org/
  specs:
    activemodel (4.2.4)
      activesupport (= 4.2.4)
      builder (~> 3.1)
    activesupport (4.2.4)
      i18n (~> 0.7)
      json (~> 1.7, >= 1.7.7)
      minitest (~> 5.1)
      thread_safe (~> 0.3, >= 0.3.4)
      tzinfo (~> 1.1)
    addressable (2.8.0)
      public_suffix (>= 2.0.2, < 5.0)
    builder (3.2.2)
    cli_helper (0.1.5)
      configatron
      inifile
      nenv
      slop (~> 4.0)
    configatron (4.5.0)
    debug_me (1.0.2)
    highline (1.7.7)
    i18n (0.7.0)
    inifile (3.0.0)
    json (1.8.3)
    middleware (0.1.0)
    minitest (5.8.1)
    nenv (0.2.0)
    nobrainer (0.30.0)
      activemodel (>= 4.1.0)
      activesupport (>= 4.1.0)
      middleware (~> 0.1.0)
      rethinkdb (>= 2.1.0)
      symbol_decoration (~> 1.1)
    options (2.3.2)
    progress_bar (1.0.5)
      highline (~> 1.6)
      options (~> 2.3.0)
    public_suffix (4.0.6)
    rethinkdb (2.1.0.1)
      json
    rethinkdb_helper (0.0.4)
      rethinkdb (~> 2)
    slop (4.2.0)
    symbol_decoration (1.1.0)
    thread_safe (0.3.5)
    tzinfo (1.2.2)
      thread_safe (~> 0.1)
    useragent (0.15.2)

PLATFORMS
  ruby

DEPENDENCIES
  addressable
  cli_helper
  debug_me
  nobrainer
  progress_bar
  rethinkdb
  rethinkdb_helper
  useragent

BUNDLED WITH
   1.10.6
