GEM
  remote: https://rubygems.org/
  specs:
    activemodel (7.0.3.1)
      activesupport (= 7.0.3.1)
    activesupport (7.0.3.1)
      concurrent-ruby (~> 1.0, >= 1.0.2)
      i18n (>= 1.6, < 2)
      minitest (>= 5.1)
      tzinfo (~> 2.0)
    addressable (2.3.8)
    cli_helper (0.1.5)
      configatron
      inifile
      nenv
      slop (~> 4.0)
    concurrent-ruby (1.1.10)
    configatron (4.5.1)
    debug_me (1.0.2)
    highline (1.7.10)
    i18n (1.12.0)
      concurrent-ruby (~> 1.0)
    inifile (3.0.0)
    json (2.6.2)
    middleware (0.1.0)
    minitest (5.16.2)
    nenv (0.3.0)
    nobrainer (0.30.0)
      activemodel (>= 4.1.0)
      activesupport (>= 4.1.0)
      middleware (~> 0.1.0)
      rethinkdb (>= 2.1.0)
      symbol_decoration (~> 1.1)
    options (2.3.2)
    progress_bar (1.0.5)
      highline (~> 1.6)
      options (~> 2.3.0)
    rethinkdb (2.1.0.1)
      json
    rethinkdb_helper (0.0.4)
      rethinkdb (~> 2)
    slop (4.9.2)
    symbol_decoration (1.1.0)
    tzinfo (2.0.5)
      concurrent-ruby (~> 1.0)
    useragent (0.15.2)

PLATFORMS
  ruby

DEPENDENCIES
  addressable
  cli_helper
  debug_me
  nobrainer
  progress_bar
  rethinkdb
  rethinkdb_helper
  useragent

BUNDLED WITH
   1.10.6
