GEM
  remote: https://rubygems.org/
  specs:
    rb-libsvm (1.3.0)

PLATFORMS
  ruby

DEPENDENCIES
  rb-libsvm
