GEM
  remote: https://rubygems.org/
  specs:
    activesupport (4.2.11.3)
      i18n (~> 0.7)
      minitest (~> 5.1)
      thread_safe (~> 0.3, >= 0.3.4)
      tzinfo (~> 1.1)
    classifier (1.3.4)
      fast-stemmer (>= 1.0.0)
    concurrent-ruby (0.5.0)
    crimp (0.0.1)
    decisiontree (0.4.0)
    distance_measures (0.0.6)
    eldritch (1.1.2)
      reentrant_mutex (~> 1.1.0)
    fast-stemmer (1.0.2)
    hooks (0.4.0)
      uber (~> 0.0.4)
    i18n (0.8.6)
    jaccard (1.0.2)
    k_means (0.0.7)
      distance_measures
    minitest (5.17.0)
    phashion (1.1.1)
    recommendable (2.1.4)
      activesupport (>= 3.0.0)
      hooks (>= 0.2.1)
      redis (>= 2.2.0)
    redis (3.0.7)
    reentrant_mutex (1.1.1)
    sinderella (0.0.2)
      crimp
    thread_safe (0.3.6)
    tzinfo (1.2.11)
      thread_safe (~> 0.1)
    uber (0.0.4)

PLATFORMS
  ruby

DEPENDENCIES
  classifier
  concurrent-ruby
  decisiontree
  eldritch
  jaccard
  k_means
  phashion
  recommendable
  sinderella
