GEM
  remote: https://rubygems.org/
  specs:
    awesome_print (1.6.1)
    cli_helper (0.0.4)
      awesome_print
      debug_me
      nenv
      slop (~> 4.0)
    debug_me (1.0.2)
    loggability (0.11.0)
    nenv (0.2.0)
    sequel (3.48.0)
    slop (4.0.0)
    sqlite3 (1.3.10)
    wordnet (1.0.0)
      loggability (~> 0.5)
      sequel (~> 3.38)
    wordnet-defaultdb (1.0.1)
      sqlite3 (~> 1.3)
      wordnet (~> 1.0.0.pre)
    words (0.4.6)

PLATFORMS
  ruby

DEPENDENCIES
  cli_helper
  wordnet
  wordnet-defaultdb
  words
