GEM
  remote: https://rubygems.org/
  specs:
    loggability (0.11.0)
    sequel (3.48.0)
    sqlite3 (1.3.10)
    wordnet (1.0.0)
      loggability (~> 0.5)
      sequel (~> 3.38)
    wordnet-defaultdb (1.0.1)
      sqlite3 (~> 1.3)
      wordnet (~> 1.0.0.pre)
    words (0.4.6)

PLATFORMS
  ruby

DEPENDENCIES
  wordnet
  wordnet-defaultdb
  words
