GEM
  remote: https://rubygems.org/
  specs:
    activesupport (3.2.13)
      i18n (= 0.6.1)
      multi_json (~> 1.0)
    bayesball (0.1.1)
    fast-stemmer (1.0.2)
    i18n (0.6.1)
    libsvmffi (0.0.2)
    madeleine (0.8.0)
    msgpack (0.5.9)
    multi_json (1.7.7)
    nbayes (0.1.1)
    rb-libsvm (1.1.3)
    reclassifier (0.4.10)
      activesupport
      fast-stemmer
    sequel (4.17.0)
    sqlite3 (1.3.10)
    stuff-classifier (0.5)
      fast-stemmer (>= 1.0)
      msgpack
      sequel
      sqlite3
    summary (0.7.3)

PLATFORMS
  ruby

DEPENDENCIES
  bayesball
  libsvmffi
  madeleine
  nbayes
  rb-libsvm
  reclassifier
  stuff-classifier
  summary
