GEM
  remote: https://rubygems.org/
  specs:
    activesupport (4.2.4)
      i18n (~> 0.7)
      json (~> 1.7, >= 1.7.7)
      minitest (~> 5.1)
      thread_safe (~> 0.3, >= 0.3.4)
      tzinfo (~> 1.1)
    bayesball (0.3.0)
    classifier-reborn (2.0.3)
      fast-stemmer (~> 1.0)
    fast-stemmer (1.0.2)
    gsl (1.16.0.6)
    hashable (0.1.2)
    i18n (0.7.0)
    json (1.8.3)
    libsvmffi (0.0.2)
    madeleine (0.9.0)
    minitest (5.8.0)
    msgpack (0.6.2)
    nbayes (0.1.1)
    omnicat (0.2.2)
      hashable (~> 0.1.0)
    omnicat-bayes (0.2.2)
      hashable (~> 0.1.1)
      omnicat (~> 0.2.2)
    rb-gsl (1.16.0.6)
      gsl
    rb-libsvm (1.3.1)
    reclassifier (0.4.11)
      activesupport
      fast-stemmer
    sequel (4.25.0)
    sqlite3 (1.3.10)
    stuff-classifier (0.5)
      fast-stemmer (>= 1.0)
      msgpack
      sequel
      sqlite3
    summary (0.7.3)
    thread_safe (0.3.5)
    tzinfo (1.2.2)
      thread_safe (~> 0.1)

PLATFORMS
  ruby

DEPENDENCIES
  bayesball
  classifier-reborn
  gsl
  libsvmffi
  madeleine
  minitest
  nbayes
  omnicat-bayes
  rb-gsl
  rb-libsvm
  reclassifier
  stuff-classifier
  summary

BUNDLED WITH
   1.10.6
