GEM
  remote: https://rubygems.org/
  specs:
    activesupport (4.2.4)
      i18n (~> 0.7)
      json (~> 1.7, >= 1.7.7)
      minitest (~> 5.1)
      thread_safe (~> 0.3, >= 0.3.4)
      tzinfo (~> 1.1)
    awesome_print (1.6.1)
    bayesball (0.3.0)
    classifier-reborn (2.0.3)
      fast-stemmer (~> 1.0)
    cli_helper (0.1.5)
      configatron
      inifile
      nenv
      slop (~> 4.0)
    configatron (4.5.0)
    debug_me (1.0.2)
    fast-stemmer (1.0.2)
    forkoff (1.2.0)
    gnuplot (2.6.2)
    gsl (1.16.0.6)
    hashable (0.1.2)
    hoatzin (0.2.1)
      fast-stemmer
      libsvm-ruby-swig
    i18n (0.7.0)
    inifile (3.0.0)
    json (1.8.3)
    kick_the_tires (0.0.2)
      awesome_print
    kmeans-clusterer (0.11.4)
      narray (~> 0.6)
    libsvm-ruby-swig (0.4.0)
    libsvm_preprocessor (0.2)
      ruby-stemmer (~> 0.9.3)
      stopwords-filter (~> 0.2.1)
    libsvmffi (0.0.2)
    madeleine (0.9.0)
    mini_portile (0.6.2)
    minitest (5.8.0)
    msgpack (0.6.2)
    narray (0.6.1.1)
    nbayes (0.1.1)
    nenv (0.2.0)
    nokogiri (1.6.6.2)
      mini_portile (~> 0.6.0)
    omnicat (0.3.0)
      hashable (~> 0.1, >= 0.1.2)
    omnicat-bayes (0.3.0)
      omnicat (~> 0.3.0)
    rb-libsvm (1.3.1)
    reclassifier (0.4.11)
      activesupport
      fast-stemmer
    ruby-stemmer (0.9.6)
    sequel (4.26.0)
    slop (4.2.0)
    sqlite3 (1.3.10)
    stopwords-filter (0.2.1)
    stuff-classifier (0.5)
      fast-stemmer (>= 1.0)
      msgpack
      sequel
      sqlite3
    summary (0.7.3)
    svm_helper (0.2.1)
      ruby-stemmer
    svmlab (1.0.0)
      forkoff
      gnuplot
    thread_safe (0.3.5)
    tzinfo (1.2.2)
      thread_safe (~> 0.1)
    uclassify (0.1.1)
      nokogiri

PLATFORMS
  ruby

DEPENDENCIES
  awesome_print
  bayesball
  classifier-reborn
  cli_helper
  debug_me
  gsl
  hoatzin
  kick_the_tires
  kmeans-clusterer
  libsvm-ruby-swig
  libsvm_preprocessor
  libsvmffi
  madeleine
  minitest
  nbayes
  omnicat-bayes
  rb-libsvm
  reclassifier
  stuff-classifier
  summary
  svm_helper
  svmlab
  uclassify

BUNDLED WITH
   1.10.6
