GEM
  remote: https://rubygems.org/
  specs:
    activesupport (3.2.13)
      i18n (= 0.6.1)
      multi_json (~> 1.0)
    bayesball (0.1.1)
    fast-stemmer (1.0.2)
    i18n (0.6.1)
    madeleine (0.8.0)
    multi_json (1.7.7)
    nbayes (0.1.1)
    rb-libsvm (1.1.3)
    reclassifier (0.4.10)
      activesupport
      fast-stemmer

PLATFORMS
  ruby

DEPENDENCIES
  bayesball
  madeleine
  nbayes
  rb-libsvm
  reclassifier
