GEM
  remote: https://rubygems.org/
  specs:
    concurrent-ruby (1.1.3)
    little-plugger (1.1.4)
    logging (2.2.2)
      little-plugger (~> 1.1)
      multi_json (~> 1.10)
    lumberjack (1.0.13)
    mixlib-log (2.0.4)
    multi_json (1.13.1)
    semantic_logger (4.3.1)
      concurrent-ruby (~> 1.0)

PLATFORMS
  ruby

DEPENDENCIES
  logging
  lumberjack
  mixlib-log
  semantic_logger

BUNDLED WITH
   1.17.1
