GEM
  remote: https://rubygems.org/
  specs:
    addressable (2.8.7)
      public_suffix (>= 2.0.2, < 7.0)
    base64 (0.2.0)
    citrus (3.0.2)
    debug_me (1.1.1)
    domain_name (0.6.20240107)
    event_stream_parser (1.0.0)
    faraday (2.9.2)
      faraday-net_http (>= 2.0, < 3.2)
    faraday-multipart (1.0.4)
      multipart-post (~> 2)
    faraday-net_http (3.1.0)
      net-http
    ffi (1.17.0)
    ffi-compiler (1.3.2)
      ffi (>= 1.15.5)
      rake
    hashie (5.0.0)
    http (5.2.0)
      addressable (~> 2.8)
      base64 (~> 0.1)
      http-cookie (~> 1.0)
      http-form_data (~> 2.2)
      llhttp-ffi (~> 0.5.0)
    http-cookie (1.0.6)
      domain_name (~> 0.5)
    http-form_data (2.3.0)
    io-console (0.7.2)
    kmeans-clusterer (0.11.4)
      narray (~> 0.6)
    llhttp-ffi (0.5.0)
      ffi-compiler (~> 1.0)
      rake (~> 13.0)
    multipart-post (2.4.1)
    narray (0.6.1.2)
    net-http (0.4.1)
      uri
    omniai (1.3.1)
      event_stream_parser
      http
      zeitwerk
    omniai-anthropic (1.3.0)
      event_stream_parser
      omniai
      zeitwerk
    omniai-google (1.3.0)
      event_stream_parser
      omniai
      zeitwerk
    omniai-mistral (1.3.0)
      event_stream_parser
      omniai
      zeitwerk
    omniai-openai (1.3.0)
      event_stream_parser
      omniai
      zeitwerk
    os (1.1.4)
    prompt_manager (0.4.1)
    public_suffix (6.0.0)
    racc (1.8.0)
    rake (13.2.1)
    refinements (12.5.0)
    reline (0.5.9)
      io-console (~> 0.5)
    ruby-openai (7.1.0)
      event_stream_parser (>= 0.3.0, < 2.0.0)
      faraday (>= 1)
      faraday-multipart (>= 1)
    shellwords (0.2.0)
    toml-rb (3.0.1)
      citrus (~> 3.0, > 3.0)
      racc (~> 1.7)
    tty-cursor (0.7.1)
    tty-screen (0.8.2)
    tty-spinner (0.9.3)
      tty-cursor (~> 0.7)
    uri (0.13.0)
    versionaire (13.4.0)
      refinements (~> 12.1)
    zeitwerk (2.6.16)

PLATFORMS
  arm64-darwin-23
  ruby

DEPENDENCIES
  debug_me
  hashie
  kmeans-clusterer
  omniai
  omniai-anthropic
  omniai-google
  omniai-mistral
  omniai-openai
  os
  prompt_manager
  reline
  ruby-openai
  shellwords
  toml-rb
  tty-screen
  tty-spinner
  versionaire

BUNDLED WITH
   2.6.0.dev
